GEM
  remote: https://rubygems.org/
  specs:
    after_do (0.3.1)
    minitest (5.6.0)
    rake (10.4.2)

PLATFORMS
  ruby

DEPENDENCIES
  after_do
  minitest
  rake
